GEM
  remote: https://rubygems.org/
  specs:
    i18n (0.8.6)
    rack (1.6.4)
    rack-console (1.3.1)
      rack (>= 1.1)
      rack-test
    rack-test (0.6.3)
      rack (>= 1.0)

PLATFORMS
  ruby

DEPENDENCIES
  i18n (~> 0.8.6)
  rack
  rack-console

BUNDLED WITH
   1.15.0
